GIT
  remote: git://github.com/carbonfive/activerecord-sqlserver-adapter.git
  revision: 4f45ebd08aefa1a7057ef6f4fb4389fc35d906fd
  branch: bugs/product_version_check-247
  specs:
    activerecord-sqlserver-adapter (3.2.10)
      activerecord (~> 3.2.0)

GEM
  remote: https://rubygems.org/
  specs:
    activemodel (3.2.11)
      activesupport (= 3.2.11)
      builder (~> 3.0.0)
    activerecord (3.2.11)
      activemodel (= 3.2.11)
      activesupport (= 3.2.11)
      arel (~> 3.0.2)
      tzinfo (~> 0.3.29)
    activesupport (3.2.11)
      i18n (~> 0.6)
      multi_json (~> 1.0)
    arel (3.0.2)
    builder (3.0.4)
    i18n (0.6.1)
    multi_json (1.5.0)
    pg (0.14.1)
    rack (1.4.4)
    rack-protection (1.3.2)
      rack
    sinatra (1.3.4)
      rack (~> 1.4)
      rack-protection (~> 1.3)
      tilt (~> 1.3, >= 1.3.3)
    tilt (1.3.3)
    tiny_tds (0.5.1)
    tzinfo (0.3.35)

PLATFORMS
  ruby

DEPENDENCIES
  activerecord
  activerecord-sqlserver-adapter!
  pg
  sinatra
  tiny_tds
